GEM
  remote: http://rubygems.org/
  remote: http://gems.monkeydancers.com/
  specs:
    activemodel (3.0.8)
      activesupport (= 3.0.8)
      builder (~> 2.1.2)
      i18n (~> 0.5.0)
    activerecord (3.0.8)
      activemodel (= 3.0.8)
      activesupport (= 3.0.8)
      arel (~> 2.0.10)
      tzinfo (~> 0.3.23)
    activesupport (3.0.8)
    arel (2.0.10)
    backports (2.6.2)
    builder (2.1.2)
    carrierwave (0.5.8)
      activesupport (~> 3.0)
    eventmachine (0.12.10)
    i18n (0.5.0)
    jsonify (0.4.0)
      multi_json (~> 1.3)
    mini_magick (3.4)
      subexec (~> 0.2.1)
    multi_json (1.3.6)
    mysql2 (0.2.7)
    rack (1.4.1)
    rack-protection (1.2.0)
      rack
    rack-test (0.6.1)
      rack (>= 1.0)
    rake (0.9.2.2)
    sinatra (1.3.2)
      rack (~> 1.3, >= 1.3.6)
      rack-protection (~> 1.2)
      tilt (~> 1.3, >= 1.3.3)
    sinatra-contrib (1.3.1)
      backports (>= 2.0)
      eventmachine
      rack-protection
      rack-test
      sinatra (~> 1.3.0)
      tilt (~> 1.3)
    sinatra-respond_to (0.8.0)
      sinatra (~> 1.3)
    subexec (0.2.1)
    tilt (1.3.3)
    tzinfo (0.3.33)
    will_paginate (3.0.3)

PLATFORMS
  ruby

DEPENDENCIES
  activerecord (= 3.0.8)
  carrierwave
  jsonify
  mini_magick
  mysql2 (= 0.2.7)
  rake
  sinatra
  sinatra-contrib
  sinatra-respond_to
  will_paginate (~> 3.0.0)
